GEM
  remote: https://rubygems.org/
  specs:
    diff-lcs (1.2.5)
    rake (11.2.2)
    rspec (3.5.0)
      rspec-core (~> 3.5.0)
      rspec-expectations (~> 3.5.0)
      rspec-mocks (~> 3.5.0)
    rspec-core (3.5.3)
      rspec-support (~> 3.5.0)
    rspec-expectations (3.5.0)
      diff-lcs (>= 1.2.0, < 2.0)
      rspec-support (~> 3.5.0)
    rspec-mocks (3.5.0)
      diff-lcs (>= 1.2.0, < 2.0)
      rspec-support (~> 3.5.0)
    rspec-support (3.5.0)
    slop (4.4.1)
    waltz_rb (0.0.1)

PLATFORMS
  ruby

DEPENDENCIES
  rake (= 11.2.2)
  rspec (= 3.5.0)
  slop (= 4.4.1)
  waltz_rb (= 0.0.1)
